STORAGE: NONE
NUGET
  remote: https://api.nuget.org/v3/index.json
    FSharp.Core (8.0.200)
    Microsoft.NETCore.Platforms (7.0.4) - restriction: || (&& (>= monoandroid) (>= netcoreapp2.0) (< netstandard1.3)) (&& (>= monoandroid) (>= netcoreapp2.1) (< netstandard1.3)) (&& (>= monoandroid) (>= netcoreapp3.1) (< netstandard1.3)) (&& (< monoandroid) (>= netcoreapp2.0) (< netcoreapp2.1)) (&& (< monoandroid) (< netcoreapp2.1) (>= netcoreapp3.1)) (&& (< monoandroid) (< netcoreapp3.0) (>= netcoreapp3.1)) (&& (>= monotouch) (>= netcoreapp2.0)) (&& (>= monotouch) (>= netcoreapp2.1)) (&& (>= monotouch) (>= netcoreapp3.1)) (&& (>= net461) (>= netcoreapp2.0)) (&& (>= net461) (>= netcoreapp2.1)) (&& (>= net461) (>= netcoreapp3.1)) (&& (>= netcoreapp2.0) (< netcoreapp2.1) (>= xamarinios)) (&& (>= netcoreapp2.0) (< netcoreapp2.1) (>= xamarinmac)) (&& (>= netcoreapp2.0) (< netcoreapp2.1) (>= xamarintvos)) (&& (>= netcoreapp2.0) (< netcoreapp2.1) (>= xamarinwatchos)) (&& (>= netcoreapp2.0) (>= uap10.1)) (&& (< netcoreapp2.0) (>= netcoreapp2.1)) (&& (< netcoreapp2.0) (>= netcoreapp3.1)) (&& (>= netcoreapp2.1) (< netcoreapp3.0)) (&& (>= netcoreapp2.1) (>= uap10.1)) (&& (< netcoreapp2.1) (>= netcoreapp3.1) (>= xamarintvos)) (&& (< netcoreapp2.1) (>= netcoreapp3.1) (>= xamarinwatchos)) (&& (< netcoreapp3.0) (>= netcoreapp3.1) (>= xamarintvos)) (&& (< netcoreapp3.0) (>= netcoreapp3.1) (>= xamarinwatchos)) (&& (>= netcoreapp3.1) (>= uap10.1))
    Microsoft.Win32.Registry (5.0) - restriction: || (&& (< net45) (>= netstandard2.0)) (>= netcoreapp3.1)
      System.Buffers (>= 4.5.1) - restriction: || (&& (>= monoandroid) (< netstandard1.3)) (>= monotouch) (&& (< net46) (< netcoreapp2.0) (>= netstandard2.0)) (>= xamarinios) (>= xamarinmac) (>= xamarintvos) (>= xamarinwatchos)
      System.Memory (>= 4.5.4) - restriction: || (&& (< monoandroid) (>= netcoreapp2.0) (< netcoreapp2.1) (< xamarinios) (< xamarinmac) (< xamarintvos) (< xamarinwatchos)) (&& (< net46) (< netcoreapp2.0) (>= netstandard2.0) (< xamarinios) (< xamarinmac) (< xamarintvos) (< xamarinwatchos)) (>= uap10.1)
      System.Security.AccessControl (>= 5.0) - restriction: || (&& (>= monoandroid) (< netstandard1.3)) (&& (< monoandroid) (>= netcoreapp2.0)) (>= monotouch) (&& (< net46) (< netcoreapp2.0) (>= netstandard2.0)) (>= net461) (>= netcoreapp2.1) (>= uap10.1) (>= xamarinios) (>= xamarinmac) (>= xamarintvos) (>= xamarinwatchos)
      System.Security.Principal.Windows (>= 5.0) - restriction: || (&& (>= monoandroid) (< netstandard1.3)) (&& (< monoandroid) (>= netcoreapp2.0)) (>= monotouch) (&& (< net46) (< netcoreapp2.0) (>= netstandard2.0)) (>= net461) (>= netcoreapp2.1) (>= uap10.1) (>= xamarinios) (>= xamarinmac) (>= xamarintvos) (>= xamarinwatchos)
    System.Buffers (4.5.1) - restriction: || (&& (>= monoandroid) (>= netcoreapp3.1) (< netstandard1.3)) (&& (>= monoandroid) (< netstandard1.1) (>= netstandard2.0)) (&& (>= monoandroid) (< netstandard1.3) (>= netstandard2.0)) (&& (< monoandroid) (< netstandard1.1) (>= netstandard2.0) (< win8)) (&& (>= monotouch) (>= net45)) (&& (>= monotouch) (>= netcoreapp3.1)) (&& (>= monotouch) (>= netstandard2.0)) (&& (>= net45) (< netstandard1.1)) (&& (>= net45) (< netstandard2.0)) (&& (>= net45) (>= xamarintvos)) (&& (>= net45) (>= xamarinwatchos)) (&& (< net45) (< netcoreapp2.0) (>= netstandard2.0)) (>= net461) (&& (< netcoreapp2.0) (>= netcoreapp3.1)) (&& (>= netcoreapp3.1) (>= xamarintvos)) (&& (>= netcoreapp3.1) (>= xamarinwatchos)) (&& (< netstandard1.1) (>= netstandard2.0) (>= win8)) (&& (>= netstandard2.0) (>= xamarintvos)) (&& (>= netstandard2.0) (>= xamarinwatchos)) (>= xamarinios) (>= xamarinmac)
    System.Memory (4.5.5) - restriction: || (&& (< monoandroid) (>= netcoreapp2.0) (< netcoreapp2.1) (< xamarinios) (< xamarinmac) (< xamarintvos) (< xamarinwatchos)) (&& (< monoandroid) (< netcoreapp2.1) (>= netcoreapp3.1) (< xamarinios) (< xamarinmac) (< xamarintvos) (< xamarinwatchos)) (>= net45) (&& (< netcoreapp2.0) (>= netcoreapp3.1) (< xamarinios) (< xamarinmac) (< xamarintvos) (< xamarinwatchos)) (&& (< netcoreapp2.0) (>= netstandard2.0) (< xamarinios) (< xamarinmac) (< xamarintvos) (< xamarinwatchos)) (&& (>= netcoreapp3.1) (>= uap10.1)) (&& (< netcoreapp3.1) (>= netstandard2.0)) (&& (>= netstandard2.0) (>= uap10.1))
      System.Buffers (>= 4.5.1) - restriction: || (&& (>= monoandroid) (< netstandard1.1)) (&& (< monoandroid) (< net45) (>= netstandard1.1) (< netstandard2.0) (< win8) (< wpa81)) (&& (< monoandroid) (< netstandard1.1) (>= portable-net45+win8+wpa81) (< win8)) (>= monotouch) (&& (>= net45) (< netstandard2.0)) (&& (< net45) (< netcoreapp2.0) (>= netstandard2.0)) (>= net461) (&& (< netstandard1.1) (>= win8)) (&& (< netstandard2.0) (< uap10.1) (>= wpa81)) (>= xamarinios) (>= xamarinmac) (>= xamarintvos) (>= xamarinwatchos)
      System.Numerics.Vectors (>= 4.4) - restriction: && (< net45) (< netcoreapp2.0) (>= netstandard2.0) (< xamarinios) (< xamarinmac) (< xamarintvos) (< xamarinwatchos)
      System.Numerics.Vectors (>= 4.5) - restriction: >= net461
      System.Runtime.CompilerServices.Unsafe (>= 4.5.3) - restriction: || (&& (>= monoandroid) (< netstandard1.1)) (&& (< monoandroid) (< net45) (>= netstandard1.1) (< netstandard2.0) (< win8) (< wpa81)) (&& (< monoandroid) (>= netcoreapp2.0) (< netcoreapp2.1)) (&& (< monoandroid) (< netstandard1.1) (>= portable-net45+win8+wpa81) (< win8)) (>= monotouch) (&& (>= net45) (< netstandard2.0)) (&& (< net45) (< netcoreapp2.0) (>= netstandard2.0)) (>= net461) (&& (< netstandard1.1) (>= win8)) (&& (< netstandard2.0) (>= wpa81)) (>= uap10.1) (>= xamarinios) (>= xamarinmac) (>= xamarintvos) (>= xamarinwatchos)
    System.Numerics.Vectors (4.5) - restriction: || (&& (< net45) (< netcoreapp2.0) (>= netstandard2.0) (< xamarinios) (< xamarinmac) (< xamarintvos) (< xamarinwatchos)) (>= net461)
    System.Runtime.CompilerServices.Unsafe (6.0) - restriction: || (&& (>= monoandroid) (< netstandard1.1) (>= netstandard2.0)) (&& (< monoandroid) (>= netcoreapp2.0) (< netcoreapp2.1)) (&& (< monoandroid) (< netstandard1.1) (>= netstandard2.0) (< win8)) (&& (>= monotouch) (>= net45)) (&& (>= monotouch) (>= netstandard2.0)) (&& (>= net45) (>= netcoreapp2.0)) (&& (>= net45) (< netstandard1.1)) (&& (>= net45) (< netstandard2.0)) (&& (>= net45) (>= uap10.1)) (&& (>= net45) (>= xamarinios)) (&& (>= net45) (>= xamarinmac)) (&& (>= net45) (>= xamarintvos)) (&& (>= net45) (>= xamarinwatchos)) (&& (< net45) (< netcoreapp2.0) (>= netstandard2.0)) (>= net461) (&& (< netcoreapp3.1) (>= netstandard2.0) (>= xamarintvos)) (&& (< netcoreapp3.1) (>= netstandard2.0) (>= xamarinwatchos)) (&& (< netcoreapp3.1) (>= xamarinios)) (&& (< netcoreapp3.1) (>= xamarinmac)) (&& (< netstandard1.1) (>= netstandard2.0) (>= win8)) (&& (>= netstandard2.0) (>= uap10.1))
    System.Security.AccessControl (6.0) - restriction: || (&& (>= monoandroid) (>= netcoreapp3.1) (< netstandard1.3)) (&& (>= monoandroid) (< netstandard1.3) (>= netstandard2.0)) (&& (< monoandroid) (>= netcoreapp2.0)) (&& (< monoandroid) (>= netcoreapp3.1)) (&& (>= monotouch) (>= netcoreapp3.1)) (&& (>= monotouch) (>= netstandard2.0)) (&& (< net45) (>= net461) (>= netstandard2.0)) (&& (< net45) (< netcoreapp2.0) (>= netstandard2.0)) (&& (>= net461) (>= netcoreapp3.1)) (&& (< netcoreapp2.0) (>= netcoreapp3.1)) (>= netcoreapp2.1) (&& (>= netcoreapp3.1) (>= uap10.1)) (&& (>= netcoreapp3.1) (>= xamarintvos)) (&& (>= netcoreapp3.1) (>= xamarinwatchos)) (&& (>= netstandard2.0) (>= uap10.1)) (&& (>= netstandard2.0) (>= xamarintvos)) (&& (>= netstandard2.0) (>= xamarinwatchos)) (>= xamarinios) (>= xamarinmac)
      System.Security.Principal.Windows (>= 5.0) - restriction: || (>= net461) (&& (< net6.0) (>= netstandard2.0))
    System.Security.Principal.Windows (5.0) - restriction: || (&& (>= monoandroid) (>= netcoreapp3.1) (< netstandard1.3)) (&& (>= monoandroid) (< netstandard1.3) (>= netstandard2.0)) (&& (< monoandroid) (>= netcoreapp2.0)) (&& (< monoandroid) (>= netcoreapp3.1)) (&& (>= monotouch) (>= netcoreapp3.1)) (&& (>= monotouch) (>= netstandard2.0)) (&& (< net45) (>= net461) (>= netstandard2.0)) (&& (< net45) (< netcoreapp2.0) (>= netstandard2.0)) (&& (>= net461) (>= netcoreapp2.0)) (&& (>= net461) (>= netcoreapp3.1)) (&& (< netcoreapp2.0) (>= netcoreapp3.1)) (>= netcoreapp2.1) (&& (>= netcoreapp3.1) (>= uap10.1)) (&& (>= netcoreapp3.1) (>= xamarintvos)) (&& (>= netcoreapp3.1) (>= xamarinwatchos)) (&& (>= netstandard2.0) (>= uap10.1)) (&& (>= netstandard2.0) (>= xamarintvos)) (&& (>= netstandard2.0) (>= xamarinwatchos)) (>= xamarinios) (>= xamarinmac)
      Microsoft.NETCore.Platforms (>= 5.0) - restriction: || (&& (>= netcoreapp2.0) (< netcoreapp2.1)) (&& (>= netcoreapp2.1) (< netcoreapp3.0))
    System.ValueTuple (4.5) - restriction: || (&& (>= net45) (< net48)) (&& (< net45) (< netcoreapp3.1) (>= netstandard2.0))
    Vanara.Core (3.4.17) - restriction: || (>= net45) (>= netstandard2.0)
      System.Memory (>= 4.5.5) - restriction: || (>= net45) (&& (< netcoreapp3.1) (>= netstandard2.0))
      System.ValueTuple (>= 4.5) - restriction: || (&& (>= net45) (< net48)) (&& (< net45) (< netcoreapp3.1) (>= netstandard2.0))
    Vanara.PInvoke.Kernel32 (3.4.17) - restriction: || (>= net45) (>= netstandard2.0)
      Vanara.Core (>= 3.4.17) - restriction: || (>= net45) (>= netstandard2.0)
      Vanara.PInvoke.Shared (>= 3.4.17) - restriction: || (>= net45) (>= netstandard2.0)
    Vanara.PInvoke.NtDll (3.4.17)
      Vanara.Core (>= 3.4.17) - restriction: || (>= net45) (>= netstandard2.0)
      Vanara.PInvoke.Kernel32 (>= 3.4.17) - restriction: || (>= net45) (>= netstandard2.0)
      Vanara.PInvoke.Shared (>= 3.4.17) - restriction: || (>= net45) (>= netstandard2.0)
    Vanara.PInvoke.Shared (3.4.17) - restriction: || (>= net45) (>= netstandard2.0)
      Microsoft.Win32.Registry (>= 5.0) - restriction: || (&& (< net45) (>= netstandard2.0)) (>= netcoreapp3.1)
      Vanara.Core (>= 3.4.17) - restriction: || (>= net45) (>= netstandard2.0)
